GEM
  remote: https://rubygems.org/
  specs:
    activesupport (7.0.3)
      concurrent-ruby (~> 1.0, >= 1.0.2)
      i18n (>= 1.6, < 2)
      minitest (>= 5.1)
      tzinfo (~> 2.0)
    ast (2.3.0)
    concurrent-ruby (1.1.10)
    easy_translate (0.5.0)
      json
      thread
      thread_safe
    erubis (2.7.0)
    highline (1.7.8)
    i18n (1.10.0)
      concurrent-ruby (~> 1.0)
    i18n-tasks (0.9.6)
      activesupport (>= 4.0.2)
      ast (>= 2.1.0)
      easy_translate (>= 0.5.0)
      erubis
      highline (>= 1.7.3)
      i18n
      parser (>= 2.2.3.0)
      term-ansicolor (>= 1.3.2)
      terminal-table (>= 1.5.1)
    json (2.3.1)
    minitest (5.16.0)
    parser (2.3.3.1)
      ast (~> 2.2)
    term-ansicolor (1.4.0)
      tins (~> 1.0)
    terminal-table (1.7.3)
      unicode-display_width (~> 1.1.1)
    thread (0.2.2)
    thread_safe (0.3.6)
    tins (1.13.0)
    tzinfo (2.0.4)
      concurrent-ruby (~> 1.0)
    unicode-display_width (1.1.2)
    yaml-lint (0.0.9)

PLATFORMS
  ruby

DEPENDENCIES
  i18n-tasks
  yaml-lint

BUNDLED WITH
   2.2.17
